GEM
  remote: http://rubygems.org/
  specs:
    PageRankr (3.2.1)
      json (>= 1.4.6)
      jsonpath (>= 0.4.2)
      nokogiri (>= 1.4.1)
      public_suffix (>= 0.9.0)
      typhoeus (>= 0.2.1)
    RedCloth (4.2.9)
    anemone (0.7.2)
      nokogiri (>= 1.3.0)
      robotex (>= 1.0.0)
    celluloid (0.15.2)
      timers (~> 1.1.0)
    chunky_png (1.2.9)
    classifier (1.3.4)
      fast-stemmer (>= 1.0.0)
    coderay (1.1.0)
    colorize (0.5.8)
    compass (0.12.2)
      chunky_png (~> 1.2)
      fssm (>= 0.2.7)
      sass (~> 3.1)
    daemons (1.1.9)
    directory_watcher (1.5.1)
    em-websocket (0.5.0)
      eventmachine (>= 0.12.9)
      http_parser.rb (~> 0.5.3)
    ethon (0.6.2)
      ffi (>= 1.3.0)
      mime-types (~> 1.18)
    eventmachine (1.0.3)
    fast-stemmer (1.0.2)
    ffi (1.9.3)
    formatador (0.2.4)
    fssm (0.2.10)
    guard (2.3.0)
      formatador (>= 0.2.4)
      listen (~> 2.1)
      lumberjack (~> 1.0)
      pry (>= 0.9.12)
      thor (>= 0.18.1)
    guard-livereload (1.1.3)
      em-websocket (>= 0.2.0)
      guard (>= 1.5.0)
      multi_json (~> 1.0)
    haml (3.1.8)
    http_parser.rb (0.5.3)
    jekyll (0.12.1)
      classifier (~> 1.3)
      directory_watcher (~> 1.1)
      kramdown (~> 0.14)
      liquid (~> 2.3)
      maruku (~> 0.5)
      pygments.rb (~> 0.3.2)
    jekyll-asset-pipeline (0.1.6)
      jekyll (~> 0.12)
      liquid (~> 2.4)
    json (1.8.1)
    jsonpath (0.5.6)
      multi_json
    kramdown (0.14.2)
    link-checker (0.7.2)
      anemone (~> 0.7.2)
      colorize (~> 0.5.8)
      nokogiri (~> 1.5.5)
      trollop (~> 2.0)
    liquid (2.6.1)
    listen (2.4.0)
      celluloid (>= 0.15.2)
      rb-fsevent (>= 0.9.3)
      rb-inotify (>= 0.9)
    lumberjack (1.0.4)
    maruku (0.7.1)
    method_source (0.8.2)
    mime-types (1.25.1)
    multi_json (1.8.4)
    nokogiri (1.5.11)
    octopress-popular-posts (0.1.0)
      PageRankr (~> 3.2.1)
    posix-spawn (0.3.8)
    pry (0.9.12.6)
      coderay (~> 1.0)
      method_source (~> 0.8)
      slop (~> 3.4)
    public_suffix (1.4.0)
    pygments.rb (0.3.7)
      posix-spawn (~> 0.3.6)
      yajl-ruby (~> 1.1.0)
    rack (1.4.5)
    rack-protection (1.5.2)
      rack
    rake (0.9.6)
    rb-fsevent (0.9.4)
    rb-inotify (0.9.3)
      ffi (>= 0.5.0)
    rdiscount (1.6.8)
    robotex (1.0.0)
    rubypants (0.2.0)
    sass (3.2.14)
    sinatra (1.3.6)
      rack (~> 1.4)
      rack-protection (~> 1.3)
      tilt (~> 1.3, >= 1.3.3)
    slop (3.4.7)
    stringex (1.4.0)
    thin (1.6.1)
      daemons (>= 1.0.9)
      eventmachine (>= 1.0.0)
      rack (>= 1.0.0)
    thor (0.18.1)
    tilt (1.4.1)
    timers (1.1.0)
    trollop (2.0)
    typhoeus (0.6.7)
      ethon (~> 0.6.2)
    yajl-ruby (1.1.0)

PLATFORMS
  ruby

DEPENDENCIES
  RedCloth (~> 4.2.9)
  compass (~> 0.12.1)
  guard (~> 2.3.0)
  guard-livereload (~> 1.1.3)
  haml (~> 3.1.6)
  jekyll (~> 0.12.0)
  jekyll-asset-pipeline (~> 0.1.5)
  link-checker (~> 0.7.2)
  liquid (~> 2.4)
  octopress-popular-posts
  pygments.rb (~> 0.3.2)
  rack (~> 1.4.1)
  rake (~> 0.9.2)
  rb-fsevent (~> 0.9)
  rb-inotify (~> 0.9)
  rdiscount (~> 1.6.8)
  rubypants (~> 0.2.0)
  sass (~> 3.2.4)
  sinatra (~> 1.3.2)
  stringex (~> 1.4.0)
  thin
